GIT
  remote: https://github.com/pry/pry.git
  revision: 1f64463184e0a160d0b41d1a1f92b8e2f230278c
  specs:
    pry (0.10.4)
      coderay (~> 1.1.0)
      method_source (~> 0.8.1)

GEM
  remote: https://rubygems.org/
  specs:
    appraisal (2.4.1)
      bundler
      rake
      thor (>= 0.14.0)
    byebug (9.0.6)
    coderay (1.1.1)
    diff-lcs (1.2.5)
    fssm (0.2.10)
    method_source (0.8.2)
    multi_json (1.12.1)
    pry-byebug (3.4.2)
      byebug (~> 9.0)
      pry (~> 0.10)
    pygments.rb (1.1.1)
      multi_json (>= 1.0.0)
    rake (12.3.3)
    redcarpet (3.6.0)
    rspec (3.5.0)
      rspec-core (~> 3.5.0)
      rspec-expectations (~> 3.5.0)
      rspec-mocks (~> 3.5.0)
    rspec-core (3.5.4)
      rspec-support (~> 3.5.0)
    rspec-expectations (3.5.0)
      diff-lcs (>= 1.2.0, < 2.0)
      rspec-support (~> 3.5.0)
    rspec-mocks (3.5.0)
      diff-lcs (>= 1.2.0, < 2.0)
      rspec-support (~> 3.5.0)
    rspec-support (3.5.0)
    thor (1.2.1)
    webrick (1.7.0)
    yard (0.9.28)
      webrick (~> 1.7.0)
    zeus (0.15.12)
      method_source (>= 0.6.7)

PLATFORMS
  ruby

DEPENDENCIES
  appraisal (~> 2.1, >= 2.1.0)
  bundler (~> 1.1)
  fssm
  pry!
  pry-byebug
  pygments.rb
  rake (~> 12.3, >= 12.3.3)
  redcarpet (>= 3.5.1)
  rspec (~> 3.2)
  yard (>= 0.9.20)
  zeus

BUNDLED WITH
   1.17.3
